GIT
  remote: https://github.com/njh/ruby-mqtt.git
  revision: 878639e85827aa25688e9c4ef1511d393549dcfa
  specs:
    mqtt (0.5.0)

GEM
  remote: https://rubygems.org/
  specs:
    amq-protocol (2.3.0)
    bunny (2.14.1)
      amq-protocol (~> 2.3, >= 2.3.0)
    concurrent-ruby (1.1.5)
    json (2.2.0)
    rake (12.3.2)
    serverengine (2.0.7)
      sigdump (~> 0.2.2)
    sigdump (0.2.4)
    sneakers (2.11.0)
      bunny (~> 2.12)
      concurrent-ruby (~> 1.0)
      rake
      serverengine (~> 2.0.5)
      thor
    thor (0.20.3)

PLATFORMS
  ruby

DEPENDENCIES
  json
  mqtt!
  sneakers

BUNDLED WITH
   2.0.1
